PATH
  remote: .
  specs:
    guard-shopify (0.0.1)
      shopify_api (~> 2.2.0)

GEM
  remote: http://rubygems.org/
  specs:
    activemodel (3.1.3)
      activesupport (= 3.1.3)
      builder (~> 3.0.0)
      i18n (~> 0.6)
    activeresource (3.1.3)
      activemodel (= 3.1.3)
      activesupport (= 3.1.3)
    activesupport (3.1.3)
      multi_json (~> 1.0)
    builder (3.0.0)
    i18n (0.6.0)
    multi_json (1.0.4)
    shopify_api (2.2.0)
      activeresource (>= 3.0.0)
      thor (>= 0.14.4)
    thor (0.14.6)

PLATFORMS
  ruby

DEPENDENCIES
  guard-shopify!
